PATH
  remote: .
  specs:
    ohai (14.8.11)
      chef-config (>= 12.8, < 15)
      ffi (~> 1.9)
      ffi-yajl (~> 2.2)
      ipaddress
      mixlib-cli (>= 1.7.0)
      mixlib-config (>= 2.0, < 4.0)
      mixlib-log (>= 2.0.1, < 4.0)
      mixlib-shellout (>= 2.0, < 4.0)
      plist (~> 3.1)
      systemu (~> 2.6.4)
      wmi-lite (~> 1.0)

GEM
  remote: https://rubygems.org/
  specs:
    addressable (2.6.0)
      public_suffix (>= 2.0.2, < 4.0)
    ast (2.4.0)
    binding_of_caller (0.8.0)
      debug_inspector (>= 0.0.1)
    byebug (11.0.1)
    chef-config (14.12.3)
      addressable
      fuzzyurl
      mixlib-config (>= 2.2.12, < 4.0)
      mixlib-shellout (>= 2.0, < 4.0)
      tomlrb (~> 1.2)
    chefstyle (0.11.2)
      rubocop (= 0.55.0)
    coderay (1.1.2)
    debug_inspector (0.0.3)
    diff-lcs (1.3)
    ffi (1.10.0)
    ffi-yajl (2.3.1)
      libyajl2 (~> 1.2)
    fuzzyurl (0.9.0)
    github-markup (3.0.4)
    ipaddr_extensions (1.0.2)
    ipaddress (0.8.3)
    libyajl2 (1.2.0)
    method_source (0.9.2)
    mixlib-cli (2.0.3)
    mixlib-config (2.2.18)
      tomlrb
    mixlib-log (3.0.1)
    mixlib-shellout (2.4.4)
    parallel (1.17.0)
    parser (2.6.2.1)
      ast (~> 2.4.0)
    plist (3.5.0)
    powerpack (0.1.2)
    pry (0.12.2)
      coderay (~> 1.1.0)
      method_source (~> 0.9.0)
    pry-byebug (3.7.0)
      byebug (~> 11.0)
      pry (~> 0.10)
    pry-stack_explorer (0.4.9.3)
      binding_of_caller (>= 0.7)
      pry (>= 0.9.11)
    public_suffix (3.0.3)
    rainbow (3.0.0)
    rake (12.3.2)
    rb-readline (0.5.5)
    redcarpet (3.4.0)
    rspec-collection_matchers (1.1.3)
      rspec-expectations (>= 2.99.0.beta1)
    rspec-core (3.8.0)
      rspec-support (~> 3.8.0)
    rspec-expectations (3.8.2)
      diff-lcs (>= 1.2.0, < 2.0)
      rspec-support (~> 3.8.0)
    rspec-mocks (3.8.0)
      diff-lcs (>= 1.2.0, < 2.0)
      rspec-support (~> 3.8.0)
    rspec-support (3.8.0)
    rspec_junit_formatter (0.4.1)
      rspec-core (>= 2, < 4, != 2.12.0)
    rubocop (0.55.0)
      parallel (~> 1.10)
      parser (>= 2.5)
      powerpack (~> 0.1)
      rainbow (>= 2.2.2, < 4.0)
      ruby-progressbar (~> 1.7)
      unicode-display_width (~> 1.0, >= 1.0.1)
    ruby-progressbar (1.10.0)
    systemu (2.6.5)
    tomlrb (1.2.8)
    unicode-display_width (1.5.0)
    wmi-lite (1.0.2)
    yard (0.9.19)

PLATFORMS
  ruby

DEPENDENCIES
  chefstyle (= 0.11.2)
  github-markup
  ipaddr_extensions
  ohai!
  pry
  pry-byebug
  pry-stack_explorer
  rake (>= 10.1.0)
  rb-readline
  redcarpet
  rspec-collection_matchers (~> 1.0)
  rspec-core (~> 3.0)
  rspec-expectations (~> 3.0)
  rspec-mocks (~> 3.0)
  rspec_junit_formatter
  yard

BUNDLED WITH
   1.17.3
